GEM
  remote: https://rubygems.org/
  specs:
    chunky_png (1.2.8)
    compass (0.12.2)
      chunky_png (~> 1.2)
      fssm (>= 0.2.7)
      sass (~> 3.1)
    ffi (1.8.1)
    fssm (0.2.10)
    rb-inotify (0.9.0)
      ffi (>= 0.5.0)
    sass (3.2.8)

PLATFORMS
  ruby

DEPENDENCIES
  compass
  fssm
  rb-inotify
  sass
